GEM
  remote: https://rubygems.org/
  specs:
    activesupport (6.1.1)
      concurrent-ruby (~> 1.0, >= 1.0.2)
      i18n (>= 1.6, < 2)
      minitest (>= 5.1)
      tzinfo (~> 2.0)
      zeitwerk (~> 2.3)
    addressable (2.7.0)
      public_suffix (>= 2.0.2, < 5.0)
    client-api (0.4.1)
      json-schema (~> 2.8)
      logger (~> 1.0)
    concurrent-ruby (1.1.7)
    diff-lcs (1.4.4)
    graphql (0.9.5)
      parslet (~> 1.6)
    i18n (1.8.7)
      concurrent-ruby (~> 1.0)
    json-schema (2.8.1)
      addressable (>= 2.4)
    logger (1.4.3)
    minitest (5.14.3)
    parslet (1.8.2)
    public_suffix (4.0.6)
    rouge (1.11.1)
    rspec (3.10.0)
      rspec-core (~> 3.10.0)
      rspec-expectations (~> 3.10.0)
      rspec-mocks (~> 3.10.0)
    rspec-core (3.10.1)
      rspec-support (~> 3.10.0)
    rspec-expectations (3.10.1)
      diff-lcs (>= 1.2.0, < 2.0)
      rspec-support (~> 3.10.0)
    rspec-mocks (3.10.1)
      diff-lcs (>= 1.2.0, < 2.0)
      rspec-support (~> 3.10.0)
    rspec-support (3.10.1)
    rspec_html_reporter (1.0.3)
      activesupport
      rouge (~> 1.6)
      rspec
    tzinfo (2.0.4)
      concurrent-ruby (~> 1.0)
    zeitwerk (2.4.2)

PLATFORMS
  universal-darwin-19

DEPENDENCIES
  client-api (~> 0.4.1)
  graphql (~> 0.9.2)
  rspec (~> 3.10)
  rspec-core (~> 3.10, >= 3.10.1)
  rspec_html_reporter (~> 1.0, >= 1.0.3)

BUNDLED WITH
   2.2.5
